GEM
  remote: https://rubygems.org/
  specs:
    erubis (2.7.0)
    mini_portile2 (2.0.0)
    nokogiri (1.6.7.1)
      mini_portile2 (~> 2.0.0.rc2)

PLATFORMS
  ruby

DEPENDENCIES
  erubis
  nokogiri

BUNDLED WITH
   1.10.6
